GEM
  remote: https://rubygems.org/
  specs:
    ffi (1.12.2)
    filewatcher (1.1.1)
      optimist (~> 3.0)
    mqtt (0.5.0)
    optimist (3.0.0)
    rb-inotify (0.10.1)
      ffi (~> 1.0)

PLATFORMS
  ruby

DEPENDENCIES
  filewatcher (~> 1.1.1)
  mqtt (~> 0.5.0)
  rb-inotify (~> 0.10.1)

BUNDLED WITH
   1.17.3
